GEM
  remote: https://rubygems.org/
  specs:
    dotenv (3.1.8)
    minitest (5.26.0)

PLATFORMS
  arm64-darwin-24
  ruby

DEPENDENCIES
  dotenv
  minitest

RUBY VERSION
   ruby 3.4.5p51

BUNDLED WITH
   2.7.2
